PATH
  remote: .
  specs:
    mongoid-indifferent-access (1.0.1)
      mongoid

GEM
  remote: http://rubygems.org/
  specs:
    activemodel (6.0.2.1)
      activesupport (= 6.0.2.1)
    activesupport (6.0.2.1)
      concurrent-ruby (~> 1.0, >= 1.0.2)
      i18n (>= 0.7, < 2)
      minitest (~> 5.1)
      tzinfo (~> 1.1)
      zeitwerk (~> 2.2)
    bson (4.8.0)
    concurrent-ruby (1.1.6)
    diff-lcs (1.1.3)
    i18n (1.8.2)
      concurrent-ruby (~> 1.0)
    minitest (5.14.0)
    mongo (2.11.3)
      bson (>= 4.4.2, < 5.0.0)
    mongoid (7.0.5)
      activemodel (>= 5.1, < 6.1)
      mongo (>= 2.5.1, < 3.0.0)
    rake (12.3.3)
    rspec (2.11.0)
      rspec-core (~> 2.11.0)
      rspec-expectations (~> 2.11.0)
      rspec-mocks (~> 2.11.0)
    rspec-core (2.11.1)
    rspec-expectations (2.11.2)
      diff-lcs (~> 1.1.3)
    rspec-mocks (2.11.2)
    thread_safe (0.3.6)
    tzinfo (1.2.6)
      thread_safe (~> 0.1)
    zeitwerk (2.2.2)

PLATFORMS
  ruby

DEPENDENCIES
  mongoid-indifferent-access!
  rake
  rspec
